GEM
  remote: https://rubygems.org/
  specs:
    sorbet (0.5.5439)
      sorbet-static (= 0.5.5439)
    sorbet-static (0.5.5439-universal-darwin-14)

PLATFORMS
  ruby

DEPENDENCIES
  sorbet (~> 0.5.5439)

BUNDLED WITH
   2.1.2
